GEM
  remote: https://rubygems.org/
  specs:
    mini_portile2 (2.8.0)
    nokogiri (1.13.8)
      mini_portile2 (~> 2.8.0)
      racc (~> 1.4)
    racc (1.6.0)
    slop (4.9.3)
    yaml (0.2.0)

PLATFORMS
  ruby

DEPENDENCIES
  bundler (~> 1.17)
  nokogiri (~> 1.13)
  slop (~> 4.9)
  yaml (~> 0.2.0)

BUNDLED WITH
   1.17.2
