GEM
  remote: https://rubygems.org/
  specs:
    nokogiri (1.14.2)
      racc (~> 1.4)
    racc (1.6.2)
    slop (4.10.1)
    yaml (0.2.1)

PLATFORMS
  ruby

DEPENDENCIES
  bundler (~> 2.4)
  nokogiri (~> 1.13)
  slop (~> 4.9)
  yaml (~> 0.2.0)

BUNDLED WITH
   2.4.6
